GEM
  remote: https://rubygems.org/
  specs:
    colored (1.2)
    cuke_modeler (1.3.0)
      gherkin (< 6.0)
      json (>= 1.0, < 3.0)
      multi_json (~> 1.0)
    gherkin (5.1.0)
    json (2.1.0)
    mini_portile2 (2.4.0)
    multi_json (1.13.1)
    nokogiri (1.10.4)
      mini_portile2 (~> 2.4.0)
    slop (4.6.2)

PLATFORMS
  ruby

DEPENDENCIES
  colored
  cuke_modeler
  nokogiri
  slop

BUNDLED WITH
   1.16.1
